GEM
  remote: https://rubygems.org/
  specs:
    concurrent-ruby (1.1.9)
    hamster (3.0.0)
      concurrent-ruby (~> 1.0)
    link_header (0.0.8)
    rdf (3.1.15)
      hamster (~> 3.0)
      link_header (~> 0.0, >= 0.0.8)
    sxp (1.1.0)
      rdf (~> 3.1)

PLATFORMS
  x86_64-darwin-20

DEPENDENCIES
  sxp

BUNDLED WITH
   2.2.33
